GEM
  remote: http://rubygems.org/
  specs:
    activemodel (3.1.1)
      activesupport (= 3.1.1)
      builder (~> 3.0.0)
      i18n (~> 0.6)
    activerecord (3.1.1)
      activemodel (= 3.1.1)
      activesupport (= 3.1.1)
      arel (~> 2.2.1)
      tzinfo (~> 0.3.29)
    activesupport (3.1.1)
      multi_json (~> 1.0)
    arel (2.2.1)
    authlogic (3.1.0)
      activerecord (>= 3.0.7)
      activerecord (>= 3.0.7)
    builder (3.0.0)
    capistrano (2.9.0)
      highline
      net-scp (>= 1.0.0)
      net-sftp (>= 2.0.0)
      net-ssh (>= 2.0.14)
      net-ssh-gateway (>= 1.1.0)
    capistrano-ext (1.2.1)
      capistrano (>= 1.0.0)
    highline (1.6.2)
    i18n (0.6.0)
    multi_json (1.0.3)
    mysql (2.8.1)
    net-scp (1.0.4)
      net-ssh (>= 1.99.1)
    net-sftp (2.0.5)
      net-ssh (>= 2.0.9)
    net-ssh (2.2.1)
    net-ssh-gateway (1.1.0)
      net-ssh (>= 1.99.1)
    rack (1.3.5)
    rack-protection (1.1.4)
      rack
    sinatra (1.3.1)
      rack (>= 1.3.4, ~> 1.3)
      rack-protection (>= 1.1.2, ~> 1.1)
      tilt (>= 1.3.3, ~> 1.3)
    sinatra-activerecord (0.1.3)
      sinatra (>= 0.9.4)
    tilt (1.3.3)
    tzinfo (0.3.30)

PLATFORMS
  ruby

DEPENDENCIES
  activerecord
  authlogic
  capistrano
  capistrano-ext
  mysql
  sinatra
  sinatra-activerecord
